GEM
  remote: https://rubygems.org/
  specs:
    rack (1.5.5)

PLATFORMS
  x64-mingw32

DEPENDENCIES
  rack (~> 1.5.1)

BUNDLED WITH
   1.14.6
